RESTRICTION: == net45
NUGET
  remote: https://api.nuget.org/v3/index.json
    Castle.Core (4.2.1)
    CommonServiceLocator (2.0.2)
    Extended.Wpf.Toolkit (3.2)
    gong-wpf-dragdrop (1.1)
    Gu.Wpf.DataGrid2D (0.2.1.4)
    Microsoft.WindowsAPICodePack.Core (1.1)
    Microsoft.WindowsAPICodePack.Shell (1.1)
      Microsoft.WindowsAPICodePack.Core (>= 1.1)
    MvvmLightLibs (5.4.1)
      CommonServiceLocator (>= 2.0.2)
    NSubstitute (3.1)
      Castle.Core (>= 4.2)
      System.Threading.Tasks.Extensions (>= 4.3)
    NUnit (3.9)
    System.Collections (4.3)
    System.Runtime (4.3)
    System.Threading.Tasks (4.3)
    System.Threading.Tasks.Extensions (4.4)
      System.Collections (>= 4.3)
      System.Runtime (>= 4.3)
      System.Threading.Tasks (>= 4.3)
