NUGET
  remote: https://api.nuget.org/v3/index.json
    AvalonEdit (5.0.4) - restriction: >= net45
    Castle.Core (4.3.1) - restriction: || (&& (>= net45) (< netstandard1.3)) (>= net46)
    CommonServiceLocator (2.0.4) - restriction: >= net45
    DocumentFormat.OpenXml (2.8.1) - restriction: >= net45
      System.IO.Packaging (>= 4.4) - restriction: || (&& (< net35) (>= netstandard1.3)) (>= net46)
    Extended.Wpf.Toolkit (3.4) - restriction: >= net45
    GitVersionTask (5.1.3) - restriction: >= net45
      Microsoft.Extensions.DependencyInjection (>= 3.0.1)
    gong-wpf-dragdrop (2.0.0-alpha0106) - restriction: >= net45
    Gu.Wpf.DataGrid2D (0.2.1.5) - restriction: >= net45
    InputSimulator (1.0.4) - restriction: >= net45
    Microsoft.Extensions.DependencyInjection (3.0.2) - restriction: >= net45
      Microsoft.Extensions.DependencyInjection.Abstractions (>= 3.0.2)
    Microsoft.Extensions.DependencyInjection.Abstractions (3.1.1) - restriction: >= net45
    Microsoft.WindowsAPICodePack.Core (1.1) - restriction: >= net45
    Microsoft.WindowsAPICodePack.Shell (1.1) - restriction: >= net45
      Microsoft.WindowsAPICodePack.Core (>= 1.1)
    MvvmLightLibs (5.4.1.1) - restriction: >= net45
      CommonServiceLocator (>= 2.0.2) - restriction: || (>= monoandroid) (&& (< net35) (>= portable-net45+uap10.0+monoandroid+xamarinios+win8+wp81+wpa81) (< win81) (< wpa81)) (&& (>= net40) (< portable-net45+uap10.0+monoandroid+xamarinios+win8+wp81+wpa81)) (>= net45) (>= uap10.0) (&& (>= win81) (< wpa81)) (&& (< win81) (>= wpa81)) (>= wp81) (>= xamarinios)
    NewtonSoft.Json (12.0.2) - restriction: >= net45
    NSubstitute (3.1) - restriction: >= net45
      Castle.Core (>= 4.2) - restriction: || (&& (>= net45) (< netstandard1.3)) (&& (< net45) (>= netstandard1.3)) (>= net46)
      System.Threading.Tasks.Extensions (>= 4.3) - restriction: || (&& (>= net45) (< netstandard1.3)) (&& (< net45) (>= netstandard1.3)) (>= net46)
    NUnit (3.11) - restriction: >= net45
    System.IO.FileSystem.Primitives (4.3) - restriction: || (&& (< net35) (>= net45) (>= netstandard1.3) (< netstandard2.0)) (>= net46)
    System.IO.Packaging (4.5) - restriction: || (&& (< net35) (>= net45) (>= netstandard1.3)) (>= net46)
      System.IO.FileSystem.Primitives (>= 4.3) - restriction: || (>= net46) (&& (>= netstandard1.3) (< netstandard2.0))
    System.Runtime.CompilerServices.Unsafe (4.5.2) - restriction: || (&& (>= net45) (< netstandard1.0)) (&& (>= net45) (< netstandard1.3)) (&& (>= net45) (>= wp8)) (>= net46)
    System.Threading.Tasks.Extensions (4.5.1) - restriction: || (&& (>= net45) (< netstandard1.3)) (>= net46)
      System.Runtime.CompilerServices.Unsafe (>= 4.5) - restriction: || (&& (< monoandroid) (< monotouch) (>= netstandard1.0) (< netstandard2.0) (< win8) (< wpa81) (< xamarinios) (< xamarinmac) (< xamarintvos) (< xamarinwatchos)) (&& (< monoandroid) (< netstandard1.0) (>= portable-net45+win8+wp8+wpa81) (< win8)) (>= net45) (&& (< netcoreapp2.1) (>= netstandard2.0)) (&& (< netstandard1.0) (>= win8)) (&& (< netstandard2.0) (>= wpa81)) (>= wp8)
    WpfAutoGrid (1.4) - restriction: >= net45
