RESTRICTION: == net45
NUGET
  remote: https://api.nuget.org/v3/index.json
    CommonServiceLocator (1.3)
    Extended.Wpf.Toolkit (3.1)
    Microsoft.NETCore.Platforms (2.0)
    Microsoft.WindowsAPICodePack.Core (1.1)
    Microsoft.WindowsAPICodePack.Shell (1.1)
      Microsoft.WindowsAPICodePack.Core (>= 1.1)
    MvvmLightLibs (5.3)
      CommonServiceLocator (>= 1.3)
    NETStandard.Library (2.0.1)
      Microsoft.NETCore.Platforms (>= 1.1)
      System.Runtime.InteropServices.RuntimeInformation (>= 4.3)
    Newtonsoft.Json (10.0.3)
    NSubstitute (2.0.3)
    NUnit (3.7.1)
    System.Runtime.InteropServices.RuntimeInformation (4.3)
    System.ValueTuple (4.4)
      NETStandard.Library (>= 1.6.1)
    WordPressPCL (1.3)
      NETStandard.Library (>= 1.6.1)
      Newtonsoft.Json (>= 10.0.3)
      System.ValueTuple (>= 4.4)
