RESTRICTION: || (== net40) (== net8.0-windows7.0)
NUGET
  remote: https://api.nuget.org/v3/index.json
    AvalonEdit (6.3.0.90)
    CodingConnected.Topology (1.3)
    CommunityToolkit.Mvvm (8.4)
    DocumentFormat.OpenXml (3.3)
      DocumentFormat.OpenXml.Framework (>= 3.3)
    DocumentFormat.OpenXml.Framework (3.3)
    Extended.Wpf.Toolkit (4.7.25104.5739)
    GitVersionTask (5.5.1)
    gong-wpf-dragdrop (4.0)
    Gu.Wpf.DataGrid2D (0.2.4)
    InputSimulator (1.0.4)
    Markdown.Xaml (1.0)
    Microsoft.Xaml.Behaviors.Wpf (1.1.135)
    Newtonsoft.Json (13.0.3)
    NSubstitute (5.3)
    NUnit (4.3.2)
    NUnit3TestAdapter (5.0)
    System.Drawing.Common (9.0.3)
