FRAMEWORK: NET45
NUGET
  remote: https://api.nuget.org/v3/index.json
    CommonServiceLocator (1.3)
    Extended.Wpf.Toolkit (3.0)
    Microsoft.WindowsAPICodePack.Core (1.1)
    Microsoft.WindowsAPICodePack.Shell (1.1)
      Microsoft.WindowsAPICodePack.Core (>= 1.1)
    MvvmLightLibs (5.3)
      CommonServiceLocator (>= 1.3)
    NSubstitute (2.0.0-rc)
    NUnit (3.5)
